PATH
  remote: .
  specs:
    spongebobify (0.1.0)

GEM
  remote: https://rubygems.org/
  specs:
    rake (12.3.3)

PLATFORMS
  ruby

DEPENDENCIES
  rake (~> 12.0)
  spongebobify!

BUNDLED WITH
   1.17.2
